PATH
  remote: .
  specs:
    attach (2.0.0)
      activerecord (>= 6.0)
      records_manipulator (>= 1.0, < 2.0)

GEM
  remote: https://rubygems.org/
  specs:
    activemodel (7.0.4.3)
      activesupport (= 7.0.4.3)
    activerecord (7.0.4.3)
      activemodel (= 7.0.4.3)
      activesupport (= 7.0.4.3)
    activesupport (7.0.4.3)
      concurrent-ruby (~> 1.0, >= 1.0.2)
      i18n (>= 1.6, < 2)
      minitest (>= 5.1)
      tzinfo (~> 2.0)
    ast (2.4.2)
    backport (1.2.0)
    benchmark (0.2.1)
    concurrent-ruby (1.2.2)
    database_cleaner-active_record (2.1.0)
      activerecord (>= 5.a)
      database_cleaner-core (~> 2.0.0)
    database_cleaner-core (2.0.1)
    db-query-matchers (0.11.0)
      activesupport (>= 4.0, < 7.1)
      rspec (>= 3.0)
    diff-lcs (1.5.0)
    e2mmap (0.1.0)
    factory_bot (6.2.1)
      activesupport (>= 5.0.0)
    i18n (1.13.0)
      concurrent-ruby (~> 1.0)
    jaro_winkler (1.5.4)
    json (2.6.3)
    kramdown (2.4.0)
      rexml
    kramdown-parser-gfm (1.1.0)
      kramdown (~> 2.0)
    minitest (5.18.0)
    nokogiri (1.15.0-arm64-darwin)
      racc (~> 1.4)
    parallel (1.23.0)
    parser (3.2.2.1)
      ast (~> 2.4.1)
    racc (1.6.2)
    rainbow (3.1.1)
    rbs (2.8.4)
    records_manipulator (1.0.1)
    regexp_parser (2.8.0)
    reverse_markdown (2.1.1)
      nokogiri
    rexml (3.2.5)
    rspec (3.12.0)
      rspec-core (~> 3.12.0)
      rspec-expectations (~> 3.12.0)
      rspec-mocks (~> 3.12.0)
    rspec-core (3.12.2)
      rspec-support (~> 3.12.0)
    rspec-expectations (3.12.3)
      diff-lcs (>= 1.2.0, < 2.0)
      rspec-support (~> 3.12.0)
    rspec-mocks (3.12.5)
      diff-lcs (>= 1.2.0, < 2.0)
      rspec-support (~> 3.12.0)
    rspec-support (3.12.0)
    rubocop (1.51.0)
      json (~> 2.3)
      parallel (~> 1.10)
      parser (>= 3.2.0.0)
      rainbow (>= 2.2.2, < 4.0)
      regexp_parser (>= 1.8, < 3.0)
      rexml (>= 3.2.5, < 4.0)
      rubocop-ast (>= 1.28.0, < 2.0)
      ruby-progressbar (~> 1.7)
      unicode-display_width (>= 2.4.0, < 3.0)
    rubocop-ast (1.28.1)
      parser (>= 3.2.1.0)
    ruby-progressbar (1.13.0)
    shoulda-matchers (5.3.0)
      activesupport (>= 5.2.0)
    solargraph (0.49.0)
      backport (~> 1.2)
      benchmark
      bundler (~> 2.0)
      diff-lcs (~> 1.4)
      e2mmap
      jaro_winkler (~> 1.5)
      kramdown (~> 2.3)
      kramdown-parser-gfm (~> 1.1)
      parser (~> 3.0)
      rbs (~> 2.0)
      reverse_markdown (~> 2.0)
      rubocop (~> 1.38)
      thor (~> 1.0)
      tilt (~> 2.0)
      yard (~> 0.9, >= 0.9.24)
    sqlite3 (1.6.2-arm64-darwin)
    thor (1.2.2)
    tilt (2.1.0)
    tzinfo (2.0.6)
      concurrent-ruby (~> 1.0)
    unicode-display_width (2.4.2)
    yard (0.9.34)

PLATFORMS
  arm64-darwin-21
  arm64-darwin-22

DEPENDENCIES
  attach!
  database_cleaner-active_record
  db-query-matchers
  factory_bot
  rspec
  rubocop
  shoulda-matchers
  solargraph
  sqlite3

BUNDLED WITH
   2.4.9
